GEM
  remote: https://rubygems.org/
  specs:
    ansi (1.4.3)
    diff-lcs (1.2.5)
    ffi (1.0.11)
    growl (1.0.3)
    guard (1.2.3)
      listen (>= 0.4.2)
      thor (>= 0.14.6)
    guard-minitest (0.5.0)
      guard (>= 0.4)
    guard-rspec (1.2.0)
      guard (>= 1.1)
    listen (0.4.7)
      rb-fchange (~> 0.0.5)
      rb-fsevent (~> 0.9.1)
      rb-inotify (~> 0.8.8)
    minitest (3.2.0)
    rake (10.0.3)
    rb-fchange (0.0.5)
      ffi
    rb-fsevent (0.9.1)
    rb-inotify (0.8.8)
      ffi (>= 0.5.0)
    rspec (3.4.0)
      rspec-core (~> 3.4.0)
      rspec-expectations (~> 3.4.0)
      rspec-mocks (~> 3.4.0)
    rspec-core (3.4.4)
      rspec-support (~> 3.4.0)
    rspec-expectations (3.4.0)
      diff-lcs (>= 1.2.0, < 2.0)
      rspec-support (~> 3.4.0)
    rspec-mocks (3.4.1)
      diff-lcs (>= 1.2.0, < 2.0)
      rspec-support (~> 3.4.0)
    rspec-support (3.4.1)
    thor (0.15.4)
    turn (0.9.6)
      ansi

PLATFORMS
  ruby

DEPENDENCIES
  growl
  guard
  guard-minitest
  guard-rspec
  minitest
  rake
  rspec
  turn
